GEM
  remote: https://rubygems.org/
  specs:
    backports (3.6.7)
    builder (3.2.2)
    ims-lti (1.1.10)
      builder
      oauth (~> 0.4.5)
    multi_json (1.11.2)
    oauth (0.4.7)
    passenger (5.0.23)
      rack
      rake (>= 0.8.1)
    rack (1.6.4)
    rack-protection (1.5.3)
      rack
    rack-test (0.6.3)
      rack (>= 1.0)
    rake (10.5.0)
    sinatra (1.4.6)
      rack (~> 1.4)
      rack-protection (~> 1.4)
      tilt (>= 1.3, < 3)
    sinatra-contrib (1.4.6)
      backports (>= 2.0)
      multi_json
      rack-protection
      rack-test
      sinatra (~> 1.4.0)
      tilt (>= 1.3, < 3)
    tilt (2.0.2)

PLATFORMS
  ruby

DEPENDENCIES
  ims-lti (~> 1.1.8)
  passenger
  sinatra
  sinatra-contrib

BUNDLED WITH
   1.11.2
