GEM
  remote: https://rubygems.org/
  specs:
    builder (3.2.2)
    ims-lti (1.1.8)
      builder
      oauth (~> 0.4.5)
    oauth (0.4.7)
    rack (1.5.2)
    rack-protection (1.5.0)
      rack
    shotgun (0.9)
      rack (>= 1.0)
    sinatra (1.3.5)
      rack (~> 1.4)
      rack-protection (~> 1.3)
      tilt (~> 1.3, >= 1.3.3)
    tilt (1.3.5)

PLATFORMS
  ruby

DEPENDENCIES
  ims-lti (~> 1.1.8)
  shotgun
  sinatra
